GIT
  remote: https://github.com/chuquimm/echo_craft
  revision: a672851b7e6feea90dc5c779b9124e40191096a3
  specs:
    echo_craft (0.1.0)

PATH
  remote: .
  specs:
    servi-craft (0.1.0)
      echo_craft (= 0.1.0)

GEM
  remote: https://rubygems.org/
  specs:
    rake (13.1.0)

PLATFORMS
  ruby
  x86_64-linux

DEPENDENCIES
  echo_craft (= 0.1.0)!
  rake (~> 13.0)
  servi-craft!

BUNDLED WITH
   2.5.5
